GEM
  remote: https://rubygems.org/
  specs:
    activemodel (6.0.3.4)
      activesupport (= 6.0.3.4)
    activerecord (6.0.3.4)
      activemodel (= 6.0.3.4)
      activesupport (= 6.0.3.4)
    activerecord-sqlserver-adapter (6.0.0)
      activerecord (~> 6.0.0)
      tiny_tds
    activesupport (6.0.3.4)
      concurrent-ruby (~> 1.0, >= 1.0.2)
      i18n (>= 0.7, < 2)
      minitest (~> 5.1)
      tzinfo (~> 1.1)
      zeitwerk (~> 2.2, >= 2.2.2)
    airbrussh (1.4.0)
      sshkit (>= 1.6.1, != 1.7.0)
    ast (2.4.1)
    bcrypt_pbkdf (1.1.0)
    capistrano (3.15.0)
      airbrussh (>= 1.0.0)
      i18n
      rake (>= 10.0.0)
      sshkit (>= 1.9.0)
    capistrano-bundler (2.0.1)
      capistrano (~> 3.1)
    capistrano-passenger (0.2.0)
      capistrano (~> 3.0)
    capistrano-pending (0.2.0)
      capistrano (>= 3.2.0)
    coderay (1.1.3)
    concurrent-ruby (1.1.7)
    database_cleaner (1.8.5)
    diff-lcs (1.4.4)
    docile (1.3.4)
    ed25519 (1.2.4)
    factory_bot (6.1.0)
      activesupport (>= 5.0.0)
    i18n (1.8.7)
      concurrent-ruby (~> 1.0)
    io-console (0.5.6)
    irb (1.3.0)
      reline (>= 0.1.5)
    jbuilder (2.10.1)
      activesupport (>= 5.0.0)
    json (2.5.1)
    method_source (1.0.0)
    minitest (5.14.3)
    mustermann (1.1.1)
      ruby2_keywords (~> 0.0.1)
    net-scp (3.0.0)
      net-ssh (>= 2.6.5, < 7.0.0)
    net-ssh (6.1.0)
    parallel (1.20.1)
    parser (3.0.0.0)
      ast (~> 2.4.1)
    pry (0.13.1)
      coderay (~> 1.1)
      method_source (~> 1.0)
    psych (3.3.0)
    rack (2.2.3)
    rack-protection (2.1.0)
      rack
    rack-test (1.1.0)
      rack (>= 1.0, < 3)
    rainbow (3.0.0)
    rake (13.0.3)
    regexp_parser (2.0.3)
    reline (0.2.0)
      io-console (~> 0.5)
    rexml (3.2.4)
    rspec (3.10.0)
      rspec-core (~> 3.10.0)
      rspec-expectations (~> 3.10.0)
      rspec-mocks (~> 3.10.0)
    rspec-core (3.10.1)
      rspec-support (~> 3.10.0)
    rspec-expectations (3.10.1)
      diff-lcs (>= 1.2.0, < 2.0)
      rspec-support (~> 3.10.0)
    rspec-mocks (3.10.1)
      diff-lcs (>= 1.2.0, < 2.0)
      rspec-support (~> 3.10.0)
    rspec-support (3.10.1)
    rubocop (1.8.1)
      parallel (~> 1.10)
      parser (>= 3.0.0.0)
      rainbow (>= 2.2.2, < 4.0)
      regexp_parser (>= 1.8, < 3.0)
      rexml
      rubocop-ast (>= 1.2.0, < 2.0)
      ruby-progressbar (~> 1.7)
      unicode-display_width (>= 1.4.0, < 3.0)
    rubocop-ast (1.4.0)
      parser (>= 2.7.1.5)
    rubocop-rspec (2.1.0)
      rubocop (~> 1.0)
      rubocop-ast (>= 1.1.0)
    ruby-progressbar (1.11.0)
    ruby2_keywords (0.0.2)
    simplecov (0.21.2)
      docile (~> 1.1)
      simplecov-html (~> 0.11)
      simplecov_json_formatter (~> 0.1)
    simplecov-html (0.12.3)
    simplecov_json_formatter (0.1.2)
    sinatra (2.1.0)
      mustermann (~> 1.0)
      rack (~> 2.2)
      rack-protection (= 2.1.0)
      tilt (~> 2.0)
    sinatra-activerecord (2.0.21)
      activerecord (>= 4.1)
      sinatra (>= 1.0)
    sqlite3 (1.4.2)
    sshkit (1.21.1)
      net-scp (>= 1.1.2)
      net-ssh (>= 2.8.0)
    thread_safe (0.3.6)
    tilt (2.0.10)
    tilt-jbuilder (0.7.1)
      jbuilder
      tilt (>= 1.3.0, < 3)
    tiny_tds (2.1.3)
    tzinfo (1.2.9)
      thread_safe (~> 0.1)
    unicode-display_width (2.0.0)
    zeitwerk (2.4.2)

PLATFORMS
  ruby

DEPENDENCIES
  activerecord-sqlserver-adapter (~> 6.0.0)
  bcrypt_pbkdf (>= 1.0, < 2.0)
  capistrano (~> 3.14)
  capistrano-bundler
  capistrano-passenger
  capistrano-pending
  database_cleaner
  ed25519 (>= 1.2, < 2.0)
  factory_bot
  irb
  json
  pry
  psych
  rack-test
  rspec
  rubocop
  rubocop-rspec
  simplecov
  sinatra
  sinatra-activerecord
  sqlite3 (~> 1.4.2)
  tilt-jbuilder
  tiny_tds (= 2.1.3)

RUBY VERSION
   ruby 2.6.5p114

BUNDLED WITH
   2.1.4
