GEM
  remote: http://rubygems.org/
  specs:
    actionmailer (2.3.14)
      actionpack (= 2.3.14)
    actionpack (2.3.14)
      activesupport (= 2.3.14)
      rack (~> 1.1.0)
    activerecord (2.3.14)
      activesupport (= 2.3.14)
    activerecord-sqlserver-adapter (2.3.24)
      activerecord (~> 2.2)
    activeresource (2.3.14)
      activesupport (= 2.3.14)
    activesupport (2.3.14)
    daemons (1.1.5)
    eventmachine (0.12.10)
    factory_girl (2.3.2)
      activesupport
    haml (3.1.4)
    hoe (2.12.5)
      rake (~> 0.8)
    rack (1.1.3)
    rack-test (0.6.1)
      rack (>= 1.0)
    rails (2.3.14)
      actionmailer (= 2.3.14)
      actionpack (= 2.3.14)
      activerecord (= 2.3.14)
      activeresource (= 2.3.14)
      activesupport (= 2.3.14)
      rake (>= 0.8.3)
    rake (0.9.2.2)
    rspec (1.3.2)
    rspec-rails (1.3.4)
      rack (>= 1.0.0)
      rspec (~> 1.3.1)
    sinatra (1.2.8)
      rack (~> 1.1)
      tilt (>= 1.2.2, < 2.0)
    test-unit (1.2.3)
      hoe (>= 1.5.1)
    thin (1.3.1)
      daemons (>= 1.0.9)
      eventmachine (>= 0.12.6)
      rack (>= 1.0.0)
    tilt (1.3.3)
    tiny_tds (0.5.0)

PLATFORMS
  ruby

DEPENDENCIES
  activerecord (< 3)
  activerecord-sqlserver-adapter
  factory_girl
  haml
  rack-test
  rails (= 2.3.14)
  rspec-rails (= 1.3.4)
  sinatra
  test-unit (= 1.2.3)
  thin
  tiny_tds
