GEM
  remote: http://rubygems.org/
  specs:
    actionpack (2.3.14)
      activesupport (= 2.3.14)
      rack (~> 1.1.0)
    activerecord (2.3.14)
      activesupport (= 2.3.14)
    activerecord-sqlserver-adapter (2.3.24)
      activerecord (~> 2.2)
    activesupport (2.3.14)
    daemons (1.1.9)
    eventmachine (0.12.10)
    factory_girl (2.3.2)
      activesupport
    haml (3.1.4)
    hashie (1.2.0)
    rack (1.1.3)
    rack-test (0.6.1)
      rack (>= 1.0)
    rspec (1.3.2)
    sinatra (1.2.8)
      rack (~> 1.1)
      tilt (>= 1.2.2, < 2.0)
    thin (1.4.1)
      daemons (>= 1.0.9)
      eventmachine (>= 0.12.6)
      rack (>= 1.0.0)
    tilt (1.3.3)
    tiny_tds (0.5.0)

PLATFORMS
  ruby

DEPENDENCIES
  actionpack (~> 2.3)
  activerecord (< 3)
  activerecord-sqlserver-adapter
  factory_girl
  haml
  hashie
  rack-test
  rspec (= 1.3.2)
  sinatra
  thin
  tiny_tds
