GEM
  remote: http://rubygems.org/
  specs:
    actionpack (2.3.14)
      activesupport (= 2.3.14)
      rack (~> 1.1.0)
    activerecord (2.3.14)
      activesupport (= 2.3.14)
    activerecord-sqlserver-adapter (2.3.24)
      activerecord (~> 2.2)
    activesupport (2.3.14)
    factory_girl (2.3.2)
      activesupport
    haml (3.1.4)
    hashie (1.2.0)
    kgio (2.7.4)
    rack (1.1.3)
    rack-test (0.6.1)
      rack (>= 1.0)
    raindrops (0.10.0)
    rspec (1.3.2)
    sinatra (1.2.8)
      rack (~> 1.1)
      tilt (>= 1.2.2, < 2.0)
    tilt (1.3.3)
    tiny_tds (0.5.0)
    unicorn (4.3.1)
      kgio (~> 2.6)
      rack
      raindrops (~> 0.7)

PLATFORMS
  ruby

DEPENDENCIES
  actionpack (~> 2.3)
  activerecord (< 3)
  activerecord-sqlserver-adapter
  factory_girl
  haml
  hashie
  rack-test
  rspec (= 1.3.2)
  sinatra
  tiny_tds
  unicorn
