GEM
  remote: http://rubygems.org/
  specs:
    activerecord (2.3.14)
      activesupport (= 2.3.14)
    activerecord-sqlserver-adapter (2.3.24)
      activerecord (~> 2.2)
    activesupport (2.3.14)
    daemons (1.1.5)
    eventmachine (0.12.10)
    factory_girl (2.3.2)
      activesupport
    haml (3.1.4)
    hoe (2.12.5)
      rake (~> 0.8)
    rack (1.4.0)
    rack-protection (1.2.0)
      rack
    rack-test (0.6.1)
      rack (>= 1.0)
    rake (0.9.2.2)
    rr (1.0.4)
    rspec (1.3.2)
    sinatra (1.3.2)
      rack (~> 1.3, >= 1.3.6)
      rack-protection (~> 1.2)
      tilt (~> 1.3, >= 1.3.3)
    test-unit (1.2.3)
      hoe (>= 1.5.1)
    thin (1.3.1)
      daemons (>= 1.0.9)
      eventmachine (>= 0.12.6)
      rack (>= 1.0.0)
    tilt (1.3.3)
    tiny_tds (0.5.0)

PLATFORMS
  ruby

DEPENDENCIES
  activerecord-sqlserver-adapter (~> 2.0)
  factory_girl
  haml
  rack-test
  rr
  rspec (= 1.3.2)
  sinatra
  test-unit (= 1.2.3)
  thin
  tiny_tds
